GEM
  remote: http://rubygems.org/
  specs:
    a-gem (0.0.2)
    diff-lcs (1.1.3)
    fake_gem (0.1.1)
    git (1.2.5)
    jeweler (1.6.4)
      bundler (~> 1.0)
      git (>= 1.2.5)
      rake
    rake (0.9.2)
    rcov (0.9.10)
    rspec (2.3.0)
      rspec-core (~> 2.3.0)
      rspec-expectations (~> 2.3.0)
      rspec-mocks (~> 2.3.0)
    rspec-core (2.3.1)
    rspec-expectations (2.3.0)
      diff-lcs (~> 1.1.2)
    rspec-mocks (2.3.0)

PLATFORMS
  ruby

DEPENDENCIES
  a-gem (= 0.0.2)
  bundler (~> 1.0.0)
  fake_gem (= 0.1.1)
  jeweler (~> 1.6.4)
  rcov
  rspec (~> 2.3.0)
